GIT
  remote: git://github.com/maddox/imdb-party.git
  revision: fd4c1f7b2d3c48c28b6e74cf8620d610e28c06ed
  specs:
    imdb_party (0.6.1)
      httparty

GEM
  remote: http://rubygems.org/
  specs:
    cinch (1.1.3)
    httparty (0.8.0)
      multi_json
      multi_xml
    multi_json (1.0.3)
    multi_xml (0.4.1)

PLATFORMS
  ruby

DEPENDENCIES
  cinch
  imdb_party!
